GIT
  remote: https://github.com/socketry/async-websocket
  revision: a63151d0759edde5ca5cd9ffa0414d9f2e295ee8
  ref: a63151d0759edde5ca5cd9ffa0414d9f2e295ee8
  specs:
    async-websocket (0.19.0)
      async-http (~> 0.54)
      async-io (~> 1.23)
      protocol-websocket (~> 0.7.0)

PATH
  remote: .
  specs:
    ruby_ci (0.1.1)
      async-websocket

GEM
  remote: https://rubygems.org/
  specs:
    ast (2.4.2)
    async (1.30.1)
      console (~> 1.10)
      nio4r (~> 2.3)
      timers (~> 4.1)
    async-http (0.56.5)
      async (>= 1.25)
      async-io (>= 1.28)
      async-pool (>= 0.2)
      protocol-http (~> 0.22.0)
      protocol-http1 (~> 0.14.0)
      protocol-http2 (~> 0.14.0)
    async-io (1.33.0)
      async
    async-pool (0.3.9)
      async (>= 1.25)
    coderay (1.1.3)
    console (1.15.0)
      fiber-local
    diff-lcs (1.5.0)
    fiber-local (1.0.0)
    method_source (1.0.0)
    nio4r (2.5.8)
    parallel (1.22.1)
    parser (3.1.2.0)
      ast (~> 2.4.1)
    protocol-hpack (1.4.2)
    protocol-http (0.22.6)
    protocol-http1 (0.14.2)
      protocol-http (~> 0.22)
    protocol-http2 (0.14.2)
      protocol-hpack (~> 1.4)
      protocol-http (~> 0.18)
    protocol-websocket (0.7.5)
      protocol-http (~> 0.2)
      protocol-http1 (~> 0.2)
    pry (0.14.1)
      coderay (~> 1.1)
      method_source (~> 1.0)
    rainbow (3.1.1)
    rake (13.0.6)
    regexp_parser (2.3.1)
    rexml (3.2.5)
    rspec (3.11.0)
      rspec-core (~> 3.11.0)
      rspec-expectations (~> 3.11.0)
      rspec-mocks (~> 3.11.0)
    rspec-core (3.11.0)
      rspec-support (~> 3.11.0)
    rspec-expectations (3.11.0)
      diff-lcs (>= 1.2.0, < 2.0)
      rspec-support (~> 3.11.0)
    rspec-mocks (3.11.1)
      diff-lcs (>= 1.2.0, < 2.0)
      rspec-support (~> 3.11.0)
    rspec-support (3.11.0)
    rubocop (1.28.2)
      parallel (~> 1.10)
      parser (>= 3.1.0.0)
      rainbow (>= 2.2.2, < 4.0)
      regexp_parser (>= 1.8, < 3.0)
      rexml
      rubocop-ast (>= 1.17.0, < 2.0)
      ruby-progressbar (~> 1.7)
      unicode-display_width (>= 1.4.0, < 3.0)
    rubocop-ast (1.17.0)
      parser (>= 3.1.1.0)
    ruby-progressbar (1.11.0)
    timers (4.3.3)
    unicode-display_width (2.1.0)

PLATFORMS
  x86_64-linux

DEPENDENCIES
  async-websocket!
  pry
  rake (~> 13.0)
  rspec (~> 3.0)
  rubocop (~> 1.7)
  ruby_ci!

BUNDLED WITH
   2.2.26
